GEM
  remote: https://rubygems.org/
  specs:
    curb (0.8.8)
    mini_portile (0.6.2)
    mysql2 (0.4.1)
    nokogiri (1.6.6.2)
      mini_portile (~> 0.6.0)
    rack (1.6.4)
    rack-protection (1.5.3)
      rack
    sequel (4.28.0)
    sinatra (1.4.6)
      rack (~> 1.4)
      rack-protection (~> 1.4)
      tilt (>= 1.3, < 3)
    tilt (2.0.1)

PLATFORMS
  ruby

DEPENDENCIES
  curb
  mysql2
  nokogiri
  sequel
  sinatra

BUNDLED WITH
   1.10.6
