GEM
  remote: https://rubygems.org/
  specs:
    curb (0.8.8)
    mina (0.3.7)
      open4 (~> 1.3.4)
      rake
    mini_portile (0.6.2)
    nokogiri (1.6.6.2)
      mini_portile (~> 0.6.0)
    open4 (1.3.4)
    rack (1.6.4)
    rack-protection (1.5.3)
      rack
    rake (10.4.2)
    sequel (4.28.0)
    sinatra (1.4.6)
      rack (~> 1.4)
      rack-protection (~> 1.4)
      tilt (>= 1.3, < 3)
    tilt (2.0.1)

PLATFORMS
  ruby

DEPENDENCIES
  curb
  mina
  nokogiri
  sequel
  sinatra

BUNDLED WITH
   1.10.6
